PATH
  remote: ../
  specs:
    ruby_effects (0.1.0)

GEM
  remote: https://rubygems.org/
  specs:
    faraday (0.9.2)
      multipart-post (>= 1.2, < 3)
    multipart-post (2.0.0)
    redis (3.2.2)

PLATFORMS
  ruby

DEPENDENCIES
  faraday
  redis
  ruby_effects!

BUNDLED WITH
   1.11.2
